!INTERFILE  :=
!imaging modality := NM
!version of keys := STIR6.0
name of data file := osem_image.v
!GENERAL DATA :=
!GENERAL IMAGE DATA :=
!type of data := Tomographic
imagedata byte order := LITTLEENDIAN
number of radionuclides := 1
radionuclide name[1] := ^99m^Technetium
radionuclide halflife (sec)[1] := 21624.1
radionuclide branching factor[1] := 0.885
!SPECT STUDY (General) :=
process status := Reconstructed
!number format := float
!number of bytes per pixel := 4
number of dimensions := 3
matrix axis label [1] := x
!matrix size [1] := 128
scaling factor (mm/pixel) [1] := 4.41974
matrix axis label [2] := y
!matrix size [2] := 128
scaling factor (mm/pixel) [2] := 4.41974
matrix axis label [3] := z
!matrix size [3] := 128
scaling factor (mm/pixel) [3] := 4.41974
first pixel offset (mm) [1] := -282.863
first pixel offset (mm) [2] := -282.863
first pixel offset (mm) [3] := 0
number of time frames := 1
!END OF INTERFILE :=
