!INTERFILE  :=
!name of data file := /home/sam/data/Stathis_NEMA/data/registered_CTAC.v
!total number of images := 128
!data offset in bytes := 0
!imagedata byte order := LITTLEENDIAN
!number format := short float
!number of bytes per pixel := 4
matrix axis label [1] := x
!matrix size [1] := 128
scaling factor (mm/pixel) [1] := 4.41974
matrix axis label [2] := y
!matrix size [2] := 128
scaling factor (mm/pixel) [2] := 4.41974
;Correct value is of keyword (commented out)
;!slice thickness (pixels) := 1
;Value for Analyze
!slice thickness (pixels) := 4.41974
!END OF INTERFILE :=
